GEM
  remote: https://rubygems.org/
  specs:
    ast (2.3.0)
    childprocess (0.5.9)
      ffi (~> 1.0, >= 1.0.11)
    diff-lcs (1.2.5)
    ffi (1.9.10)
    parser (2.3.1.2)
      ast (~> 2.2)
    powerpack (0.1.1)
    rainbow (2.1.0)
    rake (12.3.3)
    rspec (3.4.0)
      rspec-core (~> 3.4.0)
      rspec-expectations (~> 3.4.0)
      rspec-mocks (~> 3.4.0)
    rspec-core (3.4.4)
      rspec-support (~> 3.4.0)
    rspec-expectations (3.4.0)
      diff-lcs (>= 1.2.0, < 2.0)
      rspec-support (~> 3.4.0)
    rspec-mocks (3.4.1)
      diff-lcs (>= 1.2.0, < 2.0)
      rspec-support (~> 3.4.0)
    rspec-support (3.4.1)
    rubocop (0.40.0)
      parser (>= 2.3.1.0, < 3.0)
      powerpack (~> 0.1)
      rainbow (>= 1.99.1, < 3.0)
      ruby-progressbar (~> 1.7)
      unicode-display_width (~> 1.0, >= 1.0.1)
    ruby-progressbar (1.8.1)
    rubyzip (1.2.0)
    selenium-webdriver (2.53.1)
      childprocess (~> 0.5)
      rubyzip (~> 1.0)
      websocket (~> 1.0)
    unicode-display_width (1.0.5)
    watir-webdriver (0.9.1)
      selenium-webdriver (>= 2.46.2)
    websocket (1.2.3)

PLATFORMS
  ruby

DEPENDENCIES
  rake (~> 12.3)
  rspec (~> 3.4)
  rubocop (~> 0.40.0)
  watir-webdriver (~> 0.9.1)

BUNDLED WITH
   1.10.6
